{"TaskName":"Near-threshold visual detection task","TaskDescription":"Participants performed three near-threshold visual detection tasks in the same session: a no-cue task, a noninformative cue task (50% validity), and an informative cue task (100% validity). In each trial, a Gabor stimulus was presented at peri-threshold contrast during 50ms, whose orientation was equally likely to be either vertical or horizontal (no stimulus was presented in 10% of trials - cathc trials). Participants were asked about two aspects related to the Gabor. First, a subjective question: Have you seen the Gabor stimulus? Response: yes or no. Then, an objective question in 15% of randomly selected trials: What was the Gabor stimulus orientation? Response: horizontal or vertical. In both question displays the two response alternatives (yes/no, horizontal/vertical) appeared randomly on the right and the left. Responses were collected from a numerical keyboard during unlimited time. The three tasks differed in the event prior to the Gabor: in the no-cue task, nothing was presented before the Gabor. In the non-informative cue task, a cue with 50% spatial validity was presented before the Gabor, while, in the informative task, the cue had 100% spatial validity. The stimulus contrast was calculated on a trial-by-trial basis. There was a pre-task calibration, whose goal was to find an initial perceptual threshold individualized per each participant and also served as a practice session","SamplingFrequency":1024,"PowerLineFrequency":50,"SoftwareFilters":{},"Manufacturer":"Biosemi","EEGReference":"DRL","EEGGround":"GND","CapManufacturer":"Biosemi","ManufacturersModelName":"Biosemi ActiveTwo","CapManufacturersModelName":"CAP 128 ABC layout","HardwareFilters":{},"EEGPlacementScheme":"10-20","EEGChannelCount":128,"EOGChannelCount":4,"ECGChannelCount":0,"EMGChannelCount":0,"MiscChannelCount":0,"TriggerChannelCount":1,"RecordingType":"continuous","InstitutionName":"Universidad Autónoma de Madrid","InstitutionAddress":"Madrid, Spain","InstitutionalDepartmentName":"Departamento de Psicología Biológica y de la Salud, Facultad de Psicología"}